GIT
  remote: https://github.com/AndyObtiva/jruby-openssl.git
  revision: a560df9dc03e7d8e4b1a8f0215d52e9e31b36507
  ref: v0.10.4-fix-load-mac-app
  specs:
    jruby-openssl (0.10.4-java)

GIT
  remote: https://github.com/AndyObtiva/mini_mime.git
  revision: 1ca2ac1733db6ff52f477877bd2de799df8dea38
  ref: v1.0.2-fix-windows-eof-issue
  specs:
    mini_mime (1.0.2)

GEM
  remote: https://rubygems.org/
  specs:
    activemodel (5.2.4.4)
      activesupport (= 5.2.4.4)
    activesupport (5.2.4.4)
      concurrent-ruby (~> 1.0, >= 1.0.2)
      i18n (>= 0.7, < 2)
      minitest (~> 5.1)
      tzinfo (~> 1.1)
    addressable (2.4.0)
    array_include_methods (1.0.2)
    awesome_print (1.8.0)
    builder (3.2.4)
    clipboard (1.3.5)
    concurrent-ruby (1.1.7)
    descendants_tracker (0.0.4)
      thread_safe (~> 0.3, >= 0.3.1)
    diff-lcs (1.4.4)
    docile (1.3.2)
    email_validator (2.0.1)
      activemodel
    facets (3.1.0)
    faraday (0.9.2)
      multipart-post (>= 1.2, < 3)
    filewatcher (1.1.1)
      optimist (~> 3.0)
    git (1.7.0)
      rchardet (~> 1.8)
    git-glimmer (1.7.0)
      rchardet (~> 1.8)
    github_api (0.16.0)
      addressable (~> 2.4.0)
      descendants_tracker (~> 0.0.4)
      faraday (~> 0.8, < 0.10)
      hashie (>= 3.4)
      mime-types (>= 1.16, < 3.0)
      oauth2 (~> 1.0)
    glimmer (1.0.0)
      array_include_methods (>= 1.0.2, < 2.0.0)
      facets (>= 3.1.0, < 4.0.0)
    glimmer-cs-gladiator (0.3.0)
      clipboard (~> 1.3.4)
      filewatcher (~> 1.1.1)
      glimmer-dsl-swt (>= 4.17.2.0, < 5.0.0.0)
    glimmer-cw-cdatetime-nebula (1.5.0.1.0)
      glimmer-dsl-swt (>= 4.17.2.0, < 5.0.0.0)
    glimmer-dsl-swt (4.17.2.0)
      git-glimmer (= 1.7.0)
      glimmer (~> 1.0.0)
      logging (>= 2.3.0, < 3.0.0)
      nested_inherited_jruby_include_package (~> 0.3.0)
      os (>= 1.0.0, < 2.0.0)
      puts_debuggerer (~> 0.10.1)
      rake (>= 10.1.0, < 14.0.0)
      rake-tui (>= 0.2.3, < 2.0.0)
      super_module (~> 1.4.1)
      text-table (>= 1.2.4, < 2.0.0)
      tty-markdown (>= 0.6.0, < 2.0.0)
    hashie (4.1.0)
    highline (2.0.3)
    i18n (1.8.5)
      concurrent-ruby (~> 1.0)
    jar-dependencies (0.4.1)
    jeweler (2.3.9)
      builder
      bundler
      git (>= 1.2.5)
      github_api (~> 0.16.0)
      highline (>= 1.6.15)
      nokogiri (>= 1.5.10)
      psych
      rake
      rdoc
      semver2
    jruby-jars (9.2.13.0)
    jruby-rack (1.1.21)
    jwt (2.2.2)
    kramdown (2.3.0)
      rexml
    little-plugger (1.1.4)
    logging (2.3.0)
      little-plugger (~> 1.1)
      multi_json (~> 1.14)
    mail (2.7.1)
      mini_mime (>= 0.1.1)
    method_source (1.0.0)
    mime-types (2.99.3)
    minitest (5.14.2)
    msgpack (1.3.3-java)
    multi_json (1.15.0)
    multi_xml (0.6.0)
    multipart-post (2.1.1)
    nested_inherited_jruby_include_package (0.3.0)
    nokogiri (1.10.10-java)
    oauth2 (1.4.4)
      faraday (>= 0.8, < 2.0)
      jwt (>= 1.0, < 3.0)
      multi_json (~> 1.3)
      multi_xml (~> 0.5)
      rack (>= 1.2, < 3)
    optimist (3.0.1)
    os (1.1.1)
    pastel (0.8.0)
      tty-color (~> 0.5)
    psych (3.2.0-java)
      jar-dependencies (>= 0.1.7)
    puts_debuggerer (0.10.1)
      awesome_print (~> 1.8.0)
    rack (2.2.3)
    rake (13.0.1)
    rake-tui (0.2.3)
      tty-prompt
    rchardet (1.8.0)
    rdoc (6.2.1)
    rexml (3.2.4)
    rouge (3.23.0)
    rspec (3.5.0)
      rspec-core (~> 3.5.0)
      rspec-expectations (~> 3.5.0)
      rspec-mocks (~> 3.5.0)
    rspec-core (3.5.4)
      rspec-support (~> 3.5.0)
    rspec-expectations (3.5.0)
      diff-lcs (>= 1.2.0, < 2.0)
      rspec-support (~> 3.5.0)
    rspec-mocks (3.5.0)
      diff-lcs (>= 1.2.0, < 2.0)
      rspec-support (~> 3.5.0)
    rspec-support (3.5.0)
    ruby-serial (1.0.3.20130731)
      msgpack
    rubyzip (1.3.0)
    semver2 (3.4.2)
    simplecov (0.19.0)
      docile (~> 1.1)
      simplecov-html (~> 0.11)
    simplecov-html (0.12.3)
    strings (0.2.0)
      strings-ansi (~> 0.2)
      unicode-display_width (~> 1.5)
      unicode_utils (~> 1.4)
    strings-ansi (0.2.0)
    super_module (1.4.1)
      method_source (>= 0.8.2, < 1.1.0)
    text-table (1.2.4)
    thread_safe (0.3.6-java)
    tty-color (0.5.2)
    tty-cursor (0.7.1)
    tty-markdown (0.7.0)
      kramdown (>= 1.16.2, < 3.0)
      pastel (~> 0.8)
      rouge (~> 3.14)
      strings (~> 0.2.0)
      tty-color (~> 0.5)
      tty-screen (~> 0.8)
    tty-prompt (0.22.0)
      pastel (~> 0.8)
      tty-reader (~> 0.8)
    tty-reader (0.8.0)
      tty-cursor (~> 0.7)
      tty-screen (~> 0.8)
      wisper (~> 2.0)
    tty-screen (0.8.1)
    tzinfo (1.2.7)
      thread_safe (~> 0.1)
    unicode-display_width (1.7.0)
    unicode_utils (1.4.0)
    warbler (2.0.5)
      jruby-jars (>= 9.0.0.0)
      jruby-rack (>= 1.1.1, < 1.3)
      rake (>= 10.1.0)
      rubyzip (~> 1.0, < 1.4)
    wisper (2.0.1)

PLATFORMS
  java

DEPENDENCIES
  activemodel (~> 5.2.4.3)
  email_validator (~> 2.0.1)
  git-glimmer (= 1.7.0)
  glimmer-cs-gladiator
  glimmer-cw-cdatetime-nebula (~> 1.5.0.1.0)
  glimmer-dsl-swt (~> 4.17.2.0)
  jeweler (= 2.3.9)
  jruby-openssl (= 0.10.4)!
  mail (~> 2.7.1)
  mini_mime (= 1.0.2)!
  rspec (~> 3.5.0)
  ruby-serial (= 1.0.3.20130731)
  simplecov
  warbler (= 2.0.5)

BUNDLED WITH
   2.1.4
